GEM
  remote: http://rubygems.org/
  specs:
    Ascii85 (1.0.1)
    actionmailer (3.2.2)
      actionpack (= 3.2.2)
      mail (~> 2.4.0)
    actionpack (3.2.2)
      activemodel (= 3.2.2)
      activesupport (= 3.2.2)
      builder (~> 3.0.0)
      erubis (~> 2.7.0)
      journey (~> 1.0.1)
      rack (~> 1.4.0)
      rack-cache (~> 1.1)
      rack-test (~> 0.6.1)
      sprockets (~> 2.1.2)
    activemodel (3.2.2)
      activesupport (= 3.2.2)
      builder (~> 3.0.0)
    activerecord (3.2.2)
      activemodel (= 3.2.2)
      activesupport (= 3.2.2)
      arel (~> 3.0.2)
      tzinfo (~> 0.3.29)
    activerecord-oracle_enhanced-adapter (1.4.1)
    activeresource (3.2.2)
      activemodel (= 3.2.2)
      activesupport (= 3.2.2)
    activesupport (3.2.2)
      i18n (~> 0.6)
      multi_json (~> 1.0)
    akami (1.0.0)
      gyoku (>= 0.4.0)
    arel (3.0.2)
    builder (3.0.0)
    c12-commons (0.0.4)
      actionpack (~> 3)
      prawn (~> 0.12)
    coffee-rails (3.2.2)
      coffee-script (>= 2.2.0)
      railties (~> 3.2.0)
    coffee-script (2.2.0)
      coffee-script-source
      execjs
    coffee-script-source (1.2.0)
    composite_primary_keys (5.0.1)
      activerecord (~> 3.2.0)
    erubis (2.7.0)
    execjs (1.3.0)
      multi_json (~> 1.0)
    gyoku (0.4.4)
      builder (>= 2.1.2)
    haml (3.1.4)
    hike (1.2.1)
    httpi (0.9.6)
      rack
    i18n (0.6.0)
    journey (1.0.3)
    jquery-rails (2.0.1)
      railties (>= 3.2.0, < 5.0)
      thor (~> 0.14)
    json (1.6.5)
    json (1.6.5-java)
    mail (2.4.3)
      i18n (>= 0.4.0)
      mime-types (~> 1.16)
      treetop (~> 1.4.8)
    mime-types (1.17.2)
    multi_json (1.1.0)
    nokogiri (1.5.2)
    nori (1.1.0)
    pdf-reader (1.0.0)
      Ascii85 (~> 1.0.0)
      ruby-rc4
    polyglot (0.3.3)
    prawn (0.12.0)
      pdf-reader (>= 0.9.0)
      ttfunk (~> 1.0.2)
    rack (1.4.1)
    rack-cache (1.2)
      rack (>= 0.4)
    rack-ssl (1.3.2)
      rack
    rack-test (0.6.1)
      rack (>= 1.0)
    rails (3.2.2)
      actionmailer (= 3.2.2)
      actionpack (= 3.2.2)
      activerecord (= 3.2.2)
      activeresource (= 3.2.2)
      activesupport (= 3.2.2)
      bundler (~> 1.0)
      railties (= 3.2.2)
    railties (3.2.2)
      actionpack (= 3.2.2)
      activesupport (= 3.2.2)
      rack-ssl (~> 1.3.2)
      rake (>= 0.8.7)
      rdoc (~> 3.4)
      thor (~> 0.14.6)
    rake (0.9.2.2)
    rdoc (3.12)
      json (~> 1.4)
    rs.ge (0.0.9)
      c12-commons
      httpi
      prawn (~> 0.12)
      savon
    ruby-oci8 (2.1.0)
    ruby-rc4 (0.1.5)
    sass (3.1.15)
    sass-rails (3.2.4)
      railties (~> 3.2.0)
      sass (>= 3.1.10)
      tilt (~> 1.3)
    savon (0.9.9)
      akami (~> 1.0)
      builder (>= 2.1.2)
      gyoku (>= 0.4.0)
      httpi (~> 0.9)
      nokogiri (>= 1.4.0)
      nori (~> 1.1)
      wasabi (~> 2.1)
    sprockets (2.1.2)
      hike (~> 1.2)
      rack (~> 1.0)
      tilt (~> 1.1, != 1.3.0)
    telasi-ruby (0.0.1)
      activerecord (~> 3.2.2)
      activerecord-oracle_enhanced-adapter (~> 1.4.0)
      c12-commons (~> 0.0.2)
      composite_primary_keys (~> 5)
      rs.ge (~> 0.0.7)
      ruby-oci8 (~> 2.1.0)
    thor (0.14.6)
    tilt (1.3.3)
    treetop (1.4.10)
      polyglot
      polyglot (>= 0.3.1)
    ttfunk (1.0.3)
    tzinfo (0.3.32)
    uglifier (1.2.3)
      execjs (>= 0.3.0)
      multi_json (>= 1.0.2)
    wasabi (2.1.0)
      nokogiri (>= 1.4.0)
    will_paginate (3.0.3)

PLATFORMS
  java
  ruby

DEPENDENCIES
  activerecord-oracle_enhanced-adapter (~> 1.4.0)
  c12-commons (~> 0.0.4)
  coffee-rails (~> 3.2)
  composite_primary_keys (~> 5)
  haml
  jquery-rails
  json
  rails (~> 3.2)
  rs.ge (~> 0.0.9)
  ruby-oci8 (~> 2.1.0)
  sass-rails (~> 3.2)
  telasi-ruby (~> 0.0.1)
  uglifier (>= 1.0.3)
  will_paginate (~> 3.0)
